GEM
  remote: https://rubygems.org/
  specs:
    chipmunk (6.1.3.4)
    gosu (1.4.6)

PLATFORMS
  arm64-darwin-23
  ruby

DEPENDENCIES
  chipmunk
  gosu

RUBY VERSION
   ruby 3.3.1p55

BUNDLED WITH
   2.5.17
